GIT
  remote: https://github.com/puppetlabs/puppet.git
  revision: 5d7a81d87fc72c7c9a48d6779ae6ec950b5fdfc9
  ref: 6.x
  specs:
    puppet (6.26.0)
      CFPropertyList (~> 2.2)
      concurrent-ruby (~> 1.0)
      deep_merge (~> 1.0)
      facter (>= 2.4.0, < 5)
      fast_gettext (~> 1.1)
      hiera (>= 3.2.1, < 4)
      httpclient (~> 2.8)
      locale (~> 2.1)
      multi_json (~> 1.13)
      semantic_puppet (~> 1.0)

GEM
  remote: https://rubygems.org/
  specs:
    CFPropertyList (2.3.6)
    ansi (1.5.0)
    apt_stage_artifacts (0.10.1)
      docopt
    artifactory (2.8.2)
    ast (2.4.2)
    beaker (4.32.0)
      beaker-hostgenerator
      hocon (~> 1.0)
      in-parallel (~> 0.1)
      inifile (~> 3.0)
      minitar (~> 0.6)
      minitest (~> 5.4)
      net-scp (>= 1.2, < 4.0)
      net-ssh (>= 5.0)
      open_uri_redirections (~> 0.2.1)
      pry-byebug (~> 3.9)
      rb-readline (~> 0.5.3)
      rexml
      rsync (~> 1.0.9)
      stringify-hash (~> 0.0)
      thor (>= 1.0.1, < 2.0)
    beaker-abs (0.9.0)
      beaker (~> 4.0)
      vmfloaty (>= 1.0, < 2)
    beaker-hostgenerator (1.2.10)
      deep_merge (~> 1.0)
      stringify-hash (~> 0.0.0)
    beaker-puppet (1.22.2)
      beaker (~> 4.1)
      in-parallel (~> 0.1)
      oga
    beaker-vmpooler (1.4.0)
      stringify-hash (~> 0.0.0)
    byebug (11.1.3)
    coderay (1.1.3)
    colorize (0.8.1)
    commander (4.6.0)
      highline (~> 2.0.0)
    concurrent-ruby (1.1.9)
    csv (3.1.5)
    deep_merge (1.2.1)
    diff-lcs (1.5.0)
    docopt (0.6.1)
    facter (4.2.6)
      hocon (~> 1.3)
      thor (>= 1.0.1, < 2.0)
    faraday (1.8.0)
      faraday-em_http (~> 1.0)
      faraday-em_synchrony (~> 1.0)
      faraday-excon (~> 1.1)
      faraday-httpclient (~> 1.0.1)
      faraday-net_http (~> 1.0)
      faraday-net_http_persistent (~> 1.1)
      faraday-patron (~> 1.0)
      faraday-rack (~> 1.0)
      multipart-post (>= 1.2, < 3)
      ruby2_keywords (>= 0.0.4)
    faraday-em_http (1.0.0)
    faraday-em_synchrony (1.0.0)
    faraday-excon (1.1.0)
    faraday-httpclient (1.0.1)
    faraday-net_http (1.0.1)
    faraday-net_http_persistent (1.2.0)
    faraday-patron (1.0.0)
    faraday-rack (1.0.0)
    fast_gettext (1.8.0)
    hiera (3.8.0)
    highline (2.0.3)
    hocon (1.3.1)
    httparty (0.20.0)
      mime-types (~> 3.0)
      multi_xml (>= 0.5.2)
    httpclient (2.8.3)
    in-parallel (0.1.17)
    inifile (3.0.0)
    locale (2.1.3)
    method_source (1.0.0)
    mime-types (3.4.1)
      mime-types-data (~> 3.2015)
    mime-types-data (3.2021.1115)
    minitar (0.9)
    minitest (5.15.0)
    mocha (1.13.0)
    multi_json (1.15.0)
    multi_xml (0.6.0)
    multipart-post (2.1.1)
    net-scp (3.0.0)
      net-ssh (>= 2.6.5, < 7.0.0)
    net-ssh (6.1.0)
    oga (3.3)
      ast
      ruby-ll (~> 2.1)
    open_uri_redirections (0.2.1)
    packaging (0.104.0)
      apt_stage_artifacts
      artifactory (~> 2)
      csv (= 3.1.5)
      rake (>= 12.3)
      release-metrics
    power_assert (2.0.1)
    pry (0.13.1)
      coderay (~> 1.1)
      method_source (~> 1.0)
    pry-byebug (3.9.0)
      byebug (~> 11.0)
      pry (~> 0.13.0)
    puppet-lint (2.5.2)
    puppet-syntax (3.1.0)
      puppet (>= 5)
      rake
    puppetlabs_spec_helper (0.10.3)
      mocha
      puppet-lint
      puppet-syntax
      rake
      rspec-puppet
    rake (13.0.6)
    rb-readline (0.5.5)
    release-metrics (1.1.0)
      csv
      docopt
    rexml (3.2.5)
    rspec (3.10.0)
      rspec-core (~> 3.10.0)
      rspec-expectations (~> 3.10.0)
      rspec-mocks (~> 3.10.0)
    rspec-core (3.10.1)
      rspec-support (~> 3.10.0)
    rspec-expectations (3.10.1)
      diff-lcs (>= 1.2.0, < 2.0)
      rspec-support (~> 3.10.0)
    rspec-mocks (3.10.2)
      diff-lcs (>= 1.2.0, < 2.0)
      rspec-support (~> 3.10.0)
    rspec-puppet (2.11.1)
      rspec
    rspec-support (3.10.3)
    rsync (1.0.9)
    ruby-ll (2.1.2)
      ansi
      ast
    ruby2_keywords (0.0.5)
    semantic_puppet (1.0.4)
    stringify-hash (0.0.2)
    test-unit (3.5.3)
      power_assert
    thor (1.2.1)
    vmfloaty (1.5.0)
      colorize (~> 0.8.1)
      commander (>= 4.4.3, < 4.7.0)
      faraday (~> 1.5, >= 1.5.1)

PLATFORMS
  ruby
  universal-darwin-20

DEPENDENCIES
  beaker (~> 4.1)
  beaker-abs (~> 0.2)
  beaker-hostgenerator (~> 1.2.6)
  beaker-puppet (~> 1.0)
  beaker-vmpooler (~> 1.3)
  facter
  httparty
  mocha (~> 1.0)
  packaging (~> 0.99)
  puppet!
  puppetlabs_spec_helper (= 0.10.3)
  rake
  rspec
  test-unit

BUNDLED WITH
   2.1.4
